GEM
  remote: https://rubygems.org/
  specs:
    addressable (2.3.8)
    aws-sdk (1.66.0)
      aws-sdk-v1 (= 1.66.0)
    aws-sdk-v1 (1.66.0)
      json (~> 1.4)
      nokogiri (>= 1.4.4)
    bosh_common (1.3262.1)
      logging (~> 1.8.2)
      semi_semantic (~> 1.2.0)
    bosh_cpi (1.3262.1)
      bosh_common (~> 1.3262.1)
      logging (~> 1.8.2)
      membrane (~> 1.1.0)
    crack (0.4.2)
      safe_yaml (~> 1.0.0)
    diff-lcs (1.2.5)
    httpclient (2.7.1)
    json (1.8.3)
    little-plugger (1.1.4)
    logging (1.8.2)
      little-plugger (>= 1.1.3)
      multi_json (>= 1.8.4)
    membrane (1.1.0)
    mini_portile2 (2.1.0)
    multi_json (1.12.1)
    nokogiri (1.6.8)
      mini_portile2 (~> 2.1.0)
      pkg-config (~> 1.1.7)
    pkg-config (1.1.7)
    rake (10.3.2)
    rspec (3.0.0)
      rspec-core (~> 3.0.0)
      rspec-expectations (~> 3.0.0)
      rspec-mocks (~> 3.0.0)
    rspec-core (3.0.4)
      rspec-support (~> 3.0.0)
    rspec-expectations (3.0.4)
      diff-lcs (>= 1.2.0, < 2.0)
      rspec-support (~> 3.0.0)
    rspec-mocks (3.0.4)
      rspec-support (~> 3.0.0)
    rspec-support (3.0.4)
    safe_yaml (1.0.4)
    semi_semantic (1.2.0)
    webmock (1.21.0)
      addressable (>= 2.3.6)
      crack (>= 0.3.2)

PLATFORMS
  ruby

DEPENDENCIES
  aws-sdk (= 1.66.0)
  bosh_common
  bosh_cpi
  httpclient (= 2.7.1)
  rake (~> 10.3.2)
  rspec (~> 3.0.0)
  webmock

BUNDLED WITH
   1.11.2
